GIT
  remote: https://github.com/pyama86/slack-ruby-client
  revision: a898c238fb380bf7f888619901e085b0e9a3e501
  branch: nil-check
  specs:
    slack-ruby-client (0.15.1)
      faraday (>= 1.0)
      faraday_middleware
      gli
      hashie
      websocket-driver

GEM
  remote: https://rubygems.org/
  specs:
    activesupport (6.0.3.2)
      concurrent-ruby (~> 1.0, >= 1.0.2)
      i18n (>= 0.7, < 2)
      minitest (~> 5.1)
      tzinfo (~> 1.1)
      zeitwerk (~> 2.2, >= 2.2.2)
    async (1.26.2)
      console (~> 1.0)
      nio4r (~> 2.3)
      timers (~> 4.1)
    async-io (1.30.0)
      async (~> 1.14)
    async-websocket (0.8.0)
      async-io
      websocket-driver (~> 0.7.0)
    concurrent-ruby (1.1.6)
    config (2.2.1)
      deep_merge (~> 1.2, >= 1.2.1)
      dry-validation (~> 1.0, >= 1.0.0)
    console (1.9.0)
    deep_merge (1.2.1)
    dotenv (2.7.6)
    dry-configurable (0.11.6)
      concurrent-ruby (~> 1.0)
      dry-core (~> 0.4, >= 0.4.7)
      dry-equalizer (~> 0.2)
    dry-container (0.7.2)
      concurrent-ruby (~> 1.0)
      dry-configurable (~> 0.1, >= 0.1.3)
    dry-core (0.4.9)
      concurrent-ruby (~> 1.0)
    dry-equalizer (0.3.0)
    dry-inflector (0.2.0)
    dry-initializer (3.0.3)
    dry-logic (1.0.6)
      concurrent-ruby (~> 1.0)
      dry-core (~> 0.2)
      dry-equalizer (~> 0.2)
    dry-schema (1.5.2)
      concurrent-ruby (~> 1.0)
      dry-configurable (~> 0.8, >= 0.8.3)
      dry-core (~> 0.4)
      dry-equalizer (~> 0.2)
      dry-initializer (~> 3.0)
      dry-logic (~> 1.0)
      dry-types (~> 1.4)
    dry-types (1.4.0)
      concurrent-ruby (~> 1.0)
      dry-container (~> 0.3)
      dry-core (~> 0.4, >= 0.4.4)
      dry-equalizer (~> 0.3)
      dry-inflector (~> 0.1, >= 0.1.2)
      dry-logic (~> 1.0, >= 1.0.2)
    dry-validation (1.5.3)
      concurrent-ruby (~> 1.0)
      dry-container (~> 0.7, >= 0.7.1)
      dry-core (~> 0.4)
      dry-equalizer (~> 0.2)
      dry-initializer (~> 3.0)
      dry-schema (~> 1.5)
    faraday (1.10.2)
      faraday-em_http (~> 1.0)
      faraday-em_synchrony (~> 1.0)
      faraday-excon (~> 1.1)
      faraday-httpclient (~> 1.0)
      faraday-multipart (~> 1.0)
      faraday-net_http (~> 1.0)
      faraday-net_http_persistent (~> 1.0)
      faraday-patron (~> 1.0)
      faraday-rack (~> 1.0)
      faraday-retry (~> 1.0)
      ruby2_keywords (>= 0.0.4)
    faraday-em_http (1.0.0)
    faraday-em_synchrony (1.0.0)
    faraday-excon (1.1.0)
    faraday-httpclient (1.0.1)
    faraday-multipart (1.0.4)
      multipart-post (~> 2)
    faraday-net_http (1.0.1)
    faraday-net_http_persistent (1.2.0)
    faraday-patron (1.0.0)
    faraday-rack (1.0.0)
    faraday-retry (1.0.3)
    faraday_middleware (1.2.0)
      faraday (~> 1.0)
    foreman (0.87.2)
    gli (2.21.0)
    hashie (5.0.0)
    i18n (1.8.5)
      concurrent-ruby (~> 1.0)
    kgio (2.11.4)
    minitest (5.14.1)
    multi_json (1.15.0)
    multipart-post (2.2.3)
    mustermann (1.1.1)
      ruby2_keywords (~> 0.0.1)
    nio4r (2.5.2)
    rack (2.2.4)
    rack-protection (2.2.0)
      rack
    raindrops (0.20.0)
    redis (4.2.1)
    ruby2_keywords (0.0.5)
    sinatra (2.2.0)
      mustermann (~> 1.0)
      rack (~> 2.2)
      rack-protection (= 2.2.0)
      tilt (~> 2.0)
    sinatra-contrib (2.2.0)
      multi_json
      mustermann (~> 1.0)
      rack-protection (= 2.2.0)
      sinatra (= 2.2.0)
      tilt (~> 2.0)
    slack-ruby-bot (0.16.1)
      activesupport
      hashie
      slack-ruby-client (>= 0.14.0)
    terminal-table (3.0.2)
      unicode-display_width (>= 1.1.1, < 3)
    thread_safe (0.3.6)
    tilt (2.0.10)
    timers (4.3.0)
    tzinfo (1.2.10)
      thread_safe (~> 0.1)
    unicode-display_width (2.3.0)
    unicorn (6.1.0)
      kgio (~> 2.6)
      raindrops (~> 0.7)
    websocket-driver (0.7.5)
      websocket-extensions (>= 0.1.0)
    websocket-extensions (0.1.5)
    zeitwerk (2.4.0)

PLATFORMS
  ruby

DEPENDENCIES
  activesupport
  async-websocket (~> 0.8.0)
  config
  dotenv
  foreman
  redis
  sinatra
  sinatra-contrib
  slack-ruby-bot
  slack-ruby-client!
  terminal-table
  unicorn

BUNDLED WITH
   2.1.4
